GEM
  remote: https://rubygems.org/
  specs:
    addressable (2.4.0)
    crass (1.0.4)
    desk_api (0.5.0)
      addressable
      faraday
      faraday_middleware
      hashie
      simple_oauth
    faraday (0.8.11)
      multipart-post (~> 1.2.0)
    faraday_middleware (0.10.0)
      faraday (>= 0.7.4, < 0.10)
    hashie (3.4.4)
    loofah (2.2.3)
      crass (~> 1.0.2)
      nokogiri (>= 1.5.9)
    mini_portile2 (2.4.0)
    multipart-post (1.2.0)
    nokogiri (1.10.3)
      mini_portile2 (~> 2.4.0)
    open_uri_redirections (0.1.4)
    rails-html-sanitizer (1.0.4)
      loofah (~> 2.2, >= 2.2.2)
    rubyzip (1.1.0)
    simple_oauth (0.3.1)

PLATFORMS
  ruby

DEPENDENCIES
  desk_api (= 0.5.0)
  faraday (~> 0.8.6)
  open_uri_redirections (= 0.1.4)
  rails-html-sanitizer
  rubyzip (= 1.1.0)

RUBY VERSION
   ruby 2.3.0p0

BUNDLED WITH
   2.0.2
